GEM
  remote: https://rubygems.org/
  specs:
    akami (1.2.1)
      gyoku (>= 0.4.0)
      nokogiri
    bing_translator (4.3.0)
      json (~> 1.8.0)
      nokogiri (~> 1.6.0)
      savon (~> 2.0)
    builder (3.2.2)
    coderay (1.1.0)
    coffee-script (2.2.0)
      coffee-script-source
      execjs
    coffee-script-source (1.7.0)
    dotenv (0.10.0)
    execjs (2.0.2)
    foreman (0.63.0)
      dotenv (>= 0.7)
      thor (>= 0.13.6)
    gyoku (1.1.1)
      builder (>= 2.1.2)
    httparty (0.13.0)
      json (~> 1.8)
      multi_xml (>= 0.5.2)
    httpi (2.1.0)
      rack
      rubyntlm (~> 0.3.2)
    jasmine (2.0.0)
      jasmine-core (~> 2.0.0)
      phantomjs
      rack (>= 1.2.1)
      rake
    jasmine-core (2.0.0)
    jasmine-phantom (0.0.9)
      jasmine (>= 1.2.0)
      posix-spawn
    jsmin (1.0.1)
    json (1.8.1)
    kgio (2.9.2)
    method_source (0.8.2)
    mime-types (1.25.1)
    mini_portile (0.5.3)
    multi_xml (0.5.5)
    nokogiri (1.6.1)
      mini_portile (~> 0.5.0)
    nori (2.3.0)
    phantomjs (1.9.7.0)
    posix-spawn (0.3.8)
    pry (0.9.12.6)
      coderay (~> 1.0)
      method_source (~> 0.8)
      slop (~> 3.4)
    rack (1.5.2)
    rack-protection (1.5.2)
      rack
    rack-test (0.6.2)
      rack (>= 1.0)
    raindrops (0.13.0)
    rake (10.2.2)
    rubyntlm (0.3.4)
    sass (3.3.4)
    savon (2.4.0)
      akami (~> 1.2.0)
      builder (>= 2.1.2)
      gyoku (~> 1.1.0)
      httpi (~> 2.1.0)
      nokogiri (>= 1.4.0)
      nori (~> 2.3.0)
      wasabi (~> 3.2.2)
    sinatra (1.4.4)
      rack (~> 1.4)
      rack-protection (~> 1.4)
      tilt (~> 1.3, >= 1.3.4)
    sinatra-assetpack (0.1.5)
      jsmin
      rack-test
      sinatra
      tilt (>= 1.3.0)
    slim (2.0.2)
      temple (~> 0.6.6)
      tilt (>= 1.3.3, < 2.1)
    slop (3.5.0)
    temple (0.6.7)
    thor (0.19.1)
    tilt (1.4.1)
    uglifier (2.5.0)
      execjs (>= 0.3.0)
      json (>= 1.8.0)
    unicorn (4.8.2)
      kgio (~> 2.6)
      rack
      raindrops (~> 0.7)
    wasabi (3.2.3)
      httpi (~> 2.0)
      mime-types (< 2.0.0)
      nokogiri (>= 1.4.0)

PLATFORMS
  ruby

DEPENDENCIES
  bing_translator
  coffee-script
  foreman
  httparty
  jasmine
  jasmine-phantom
  pry
  rake
  sass
  sinatra
  sinatra-assetpack (= 0.1.5)
  slim
  tilt (~> 1.4.1)
  uglifier
  unicorn
